GEM
  remote: https://rubygems.org/
  specs:
    json (2.6.3)
    minitest (5.18.0)

PLATFORMS
  x86_64-linux

DEPENDENCIES
  json
  minitest

BUNDLED WITH
   2.4.6
